GEM
  remote: http://rubygems.org/
  specs:
    Ascii85 (1.0.2)
    addressable (2.3.3)
    afm (0.2.0)
    browsermob-proxy (0.0.9)
      childprocess
      har
      multi_json (~> 1.0)
      rest-client
    builder (3.2.0)
    childprocess (0.3.9)
      ffi (~> 1.0, >= 1.0.11)
    coderay (1.0.9)
    cucumber (1.2.3)
      builder (>= 2.1.2)
      diff-lcs (>= 1.1.3)
      gherkin (~> 2.11.6)
      multi_json (~> 1.3)
    cuporter (0.3.14)
      gherkin (>= 1.0.0)
      nokogiri (>= 1.4.1)
    data_magic (0.14)
      faker (>= 1.1.2)
      yml_reader (>= 0.2)
    diff-lcs (1.2.2)
    facets (2.9.3)
    faker (1.1.2)
      i18n (~> 0.5)
    ffi (1.6.0)
    gherkin (2.11.6)
      json (>= 1.7.6)
    har (0.0.9)
      jschematic (>= 0.1.0)
      json
      launchy (>= 0.3.7)
    hashery (2.1.0)
    headless (1.0.1)
    i18n (0.6.4)
    jschematic (0.1.0)
      addressable
    json (1.7.7)
    launchy (2.2.0)
      addressable (~> 2.3)
    method_source (0.8.1)
    mime-types (1.22)
    multi_json (1.7.2)
    net-scp (1.1.0)
      net-ssh (>= 2.6.5)
    net-ssh (2.6.6)
    nokogiri (1.5.9)
    page-object (0.8.7)
      page_navigation (>= 0.7)
      selenium-webdriver (= 2.35.0)
      watir-webdriver (>= 0.6.2)
    page_navigation (0.7)
      data_magic (>= 0.14)
    pdf-reader (1.3.2)
      Ascii85 (~> 1.0.0)
      afm (~> 0.2.0)
      hashery (~> 2.0)
      ruby-rc4
      ttfunk
    prawn (0.12.0)
      pdf-reader (>= 0.9.0)
      ttfunk (~> 1.0.2)
    pry (0.9.12)
      coderay (~> 1.0.5)
      method_source (~> 0.8)
      slop (~> 3.4)
    quoth (0.0.1)
      nokogiri
    rake (10.0.4)
    rb-readline (0.4.2)
    rdiscount (2.0.7.1)
    rest-client (1.6.7)
      mime-types (>= 1.16)
    rspec (2.13.0)
      rspec-core (~> 2.13.0)
      rspec-expectations (~> 2.13.0)
      rspec-mocks (~> 2.13.0)
    rspec-core (2.13.1)
    rspec-expectations (2.13.0)
      diff-lcs (>= 1.1.3, < 2.0)
    rspec-mocks (2.13.0)
    ruby-rc4 (0.1.5)
    rubyzip (0.9.9)
    selenium-webdriver (2.35.0)
      childprocess (>= 0.2.5)
      multi_json (~> 1.0)
      rubyzip
      websocket (~> 1.0.4)
    slop (3.4.4)
    ttfunk (1.0.3)
    watir-webdriver (0.6.2)
      selenium-webdriver (= 2.35.0)
    webdriver-user-agent (6.6.6)
      facets
      json
      selenium-webdriver
    websocket (1.0.7)
    yard (0.8.5.2)
    yard-cucumber (2.2.3)
      cucumber (>= 0.7.5)
      gherkin (>= 2.2.9)
      yard (>= 0.8.1)
    yml_reader (0.2)

PLATFORMS
  ruby

DEPENDENCIES
  browsermob-proxy
  cucumber (> 0.0)
  cuporter (> 0.0)
  faker
  headless (> 0.0)
  net-scp
  net-ssh
  page-object
  prawn
  pry
  quoth
  rake
  rb-readline
  rdiscount
  rspec (> 0.0)
  watir-webdriver
  webdriver-user-agent
  yard-cucumber
 
